GEM
  remote: https://rubygems.org/
  specs:
    curb (0.8.5)
    faraday (0.9.0)
      multipart-post (>= 1.2, < 3)
    feedjira (1.3.0)
      curb (~> 0.8.1)
      loofah (~> 2.0.0)
      sax-machine (~> 0.2.1)
    loofah (2.0.0)
      nokogiri (>= 1.5.9)
    mini_portile (0.6.0)
    mono_logger (1.1.0)
    multi_json (1.10.1)
    multipart-post (2.0.0)
    nokogiri (1.6.3)
      mini_portile (= 0.6.0)
    rack (1.5.2)
    rack-protection (1.5.3)
      rack
    redis (3.1.0)
    redis-namespace (1.5.0)
      redis (~> 3.0, >= 3.0.4)
    resque (1.25.2)
      mono_logger (~> 1.0)
      multi_json (~> 1.0)
      redis-namespace (~> 1.3)
      sinatra (>= 0.9.2)
      vegas (~> 0.1.2)
    sax-machine (0.2.1)
      nokogiri (~> 1.6.0)
    sinatra (1.4.5)
      rack (~> 1.4)
      rack-protection (~> 1.4)
      tilt (~> 1.3, >= 1.3.4)
    tilt (1.4.1)
    vegas (0.1.11)
      rack (>= 1.0.0)

PLATFORMS
  ruby

DEPENDENCIES
  faraday
  feedjira
  resque
